PATH
  remote: .
  specs:
    dissect (0.0.5)
      json
      mail (= 2.5.3)
      nokogiri
      sinatra (= 1.0)
      sinatra-respond_to (= 0.5.0)
      thor

GEM
  remote: https://rubygems.org/
  specs:
    diff-lcs (1.2.2)
    i18n (0.6.4)
    json (1.7.7)
    mail (2.5.3)
      i18n (>= 0.4.0)
      mime-types (~> 1.16)
      treetop (~> 1.4.8)
    mime-types (1.23)
    multi_json (1.7.1)
    nokogiri (1.5.9)
    polyglot (0.3.3)
    rack (1.5.2)
    rspec (2.13.0)
      rspec-core (~> 2.13.0)
      rspec-expectations (~> 2.13.0)
      rspec-mocks (~> 2.13.0)
    rspec-core (2.13.1)
    rspec-expectations (2.13.0)
      diff-lcs (>= 1.1.3, < 2.0)
    rspec-mocks (2.13.0)
    simplecov (0.7.1)
      multi_json (~> 1.0)
      simplecov-html (~> 0.7.1)
    simplecov-html (0.7.1)
    sinatra (1.0)
      rack (>= 1.0)
    sinatra-respond_to (0.5.0)
      sinatra (~> 1.0)
    thor (0.18.1)
    treetop (1.4.12)
      polyglot
      polyglot (>= 0.3.1)

PLATFORMS
  ruby

DEPENDENCIES
  dissect!
  rspec
  simplecov
